GEM
  remote: http://rubygems.org/
  specs:
    git (1.2.5)
    jeweler (1.6.4)
      bundler (~> 1.0)
      git (>= 1.2.5)
      rake
    json (1.4.6)
    rake (0.9.2)
    rcov (0.9.10)
    shoulda (2.11.3)
    thor (0.14.6)
    yard (0.6.8)

PLATFORMS
  ruby

DEPENDENCIES
  bundler (~> 1.0.0)
  jeweler (~> 1.6.4)
  json
  rcov
  shoulda
  thor
  yard (~> 0.6.0)
